GEM
  remote: http://rubygems.org/
  specs:
    addressable (2.2.8)
    excon (0.14.0)
    heroku (2.26.6)
      heroku-api (~> 0.2.4)
      launchy (>= 0.3.2)
      netrc (~> 0.7.2)
      rest-client (~> 1.6.1)
      rubyzip
    heroku-api (0.2.4)
      excon (~> 0.14.0)
    launchy (2.1.0)
      addressable (~> 2.2.6)
    mime-types (1.18)
    netrc (0.7.4)
    rest-client (1.6.7)
      mime-types (>= 1.16)
    rubyzip (0.9.8)

PLATFORMS
  ruby

DEPENDENCIES
  heroku
  heroku-api
